PATH
  remote: .
  specs:
    viralligator (1.1.0)
      thrift

GEM
  remote: http://rubygems.park.rambler.ru/
  specs:
    diff-lcs (1.2.5)
    rake (10.5.0)
    rspec (3.5.0)
      rspec-core (~> 3.5.0)
      rspec-expectations (~> 3.5.0)
      rspec-mocks (~> 3.5.0)
    rspec-core (3.5.4)
      rspec-support (~> 3.5.0)
    rspec-expectations (3.5.0)
      diff-lcs (>= 1.2.0, < 2.0)
      rspec-support (~> 3.5.0)
    rspec-mocks (3.5.0)
      diff-lcs (>= 1.2.0, < 2.0)
      rspec-support (~> 3.5.0)
    rspec-support (3.5.0)
    thrift (0.9.3.0)

PLATFORMS
  ruby

DEPENDENCIES
  bundler (~> 1.12)
  rake (~> 10.0)
  rspec (~> 3.0)
  viralligator!

BUNDLED WITH
   1.12.5
